GEM
  remote: https://rubygems.org/
  specs:
    byebug (11.1.3)
    diff-lcs (1.5.0)
    docile (1.4.0)
    emk-sinatra-url-for (0.2.1)
      sinatra (>= 0.9.1.1)
    haml (5.2.2)
      temple (>= 0.8.0)
      tilt
    multi_json (1.15.0)
    mustermann (1.1.1)
      ruby2_keywords (~> 0.0.1)
    pg (1.3.3)
    power_assert (2.0.1)
    rack (2.2.3)
    rack-protection (2.2.0)
      rack
    rake (13.0.6)
    rspec (3.11.0)
      rspec-core (~> 3.11.0)
      rspec-expectations (~> 3.11.0)
      rspec-mocks (~> 3.11.0)
    rspec-core (3.11.0)
      rspec-support (~> 3.11.0)
    rspec-expectations (3.11.0)
      diff-lcs (>= 1.2.0, < 2.0)
      rspec-support (~> 3.11.0)
    rspec-mocks (3.11.0)
      diff-lcs (>= 1.2.0, < 2.0)
      rspec-support (~> 3.11.0)
    rspec-support (3.11.0)
    ruby2_keywords (0.0.5)
    sequel (5.54.0)
    shotgun (0.9.2)
      rack (>= 1.0)
    simplecov (0.21.2)
      docile (~> 1.1)
      simplecov-html (~> 0.11)
      simplecov_json_formatter (~> 0.1)
    simplecov-badge (2.0.2)
    simplecov-html (0.12.3)
    simplecov_json_formatter (0.1.4)
    sinatra (2.2.0)
      mustermann (~> 1.0)
      rack (~> 2.2)
      rack-protection (= 2.2.0)
      tilt (~> 2.0)
    sinatra-contrib (2.2.0)
      multi_json
      mustermann (~> 1.0)
      rack-protection (= 2.2.0)
      sinatra (= 2.2.0)
      tilt (~> 2.0)
    temple (0.8.2)
    test-unit (3.5.3)
      power_assert
    tilt (2.0.10)

PLATFORMS
  ruby

DEPENDENCIES
  byebug
  emk-sinatra-url-for
  haml
  pg
  rake
  rspec
  sequel
  shotgun
  simplecov
  simplecov-badge
  sinatra
  sinatra-contrib
  test-unit

BUNDLED WITH
   1.17.3
